GEM
  remote: https://rubygems.org/
  specs:
    addressable (2.7.0)
      public_suffix (>= 2.0.2, < 5.0)
    ast (2.4.0)
    builder (3.2.4)
    concurrent-ruby (1.1.6)
    declarative (0.0.10)
    declarative-option (0.1.0)
    faraday (1.0.1)
      multipart-post (>= 1.2, < 3)
    google-api-client (0.39.5)
      addressable (~> 2.5, >= 2.5.1)
      googleauth (~> 0.9)
      httpclient (>= 2.8.1, < 3.0)
      mini_mime (~> 1.0)
      representable (~> 3.0)
      retriable (>= 2.0, < 4.0)
      signet (~> 0.12)
    google-cloud-bigquery (1.21.0)
      concurrent-ruby (~> 1.0)
      google-api-client (~> 0.33)
      google-cloud-core (~> 1.2)
      googleauth (~> 0.9)
      mini_mime (~> 1.0)
    google-cloud-core (1.5.0)
      google-cloud-env (~> 1.0)
      google-cloud-errors (~> 1.0)
    google-cloud-env (1.3.1)
      faraday (>= 0.17.3, < 2.0)
    google-cloud-errors (1.0.0)
    google-style (1.24.0)
      rubocop (~> 0.74.0)
    googleauth (0.12.0)
      faraday (>= 0.17.3, < 2.0)
      jwt (>= 1.4, < 3.0)
      memoist (~> 0.16)
      multi_json (~> 1.11)
      os (>= 0.9, < 2.0)
      signet (~> 0.14)
    httpclient (2.8.3)
    jaro_winkler (1.5.4)
    jwt (2.2.1)
    memoist (0.16.2)
    mini_mime (1.0.2)
    minitest (5.14.1)
    minitest-focus (1.2.0)
      minitest (>= 4, < 6)
    minitest-junit (0.2.0)
      builder (~> 3.2)
      minitest (~> 5.0)
    multi_json (1.14.1)
    multipart-post (2.1.1)
    os (1.1.0)
    parallel (1.19.1)
    parser (2.7.1.3)
      ast (~> 2.4.0)
    public_suffix (4.0.5)
    rainbow (3.0.0)
    rake (13.0.1)
    representable (3.0.4)
      declarative (< 0.1.0)
      declarative-option (< 0.2.0)
      uber (< 0.2.0)
    retriable (3.1.2)
    rubocop (0.74.0)
      jaro_winkler (~> 1.5.1)
      parallel (~> 1.10)
      parser (>= 2.6)
      rainbow (>= 2.2.2, < 4.0)
      ruby-progressbar (~> 1.7)
      unicode-display_width (>= 1.4.0, < 1.7)
    ruby-progressbar (1.10.1)
    signet (0.14.0)
      addressable (~> 2.3)
      faraday (>= 0.17.3, < 2.0)
      jwt (>= 1.5, < 3.0)
      multi_json (~> 1.10)
    uber (0.1.0)
    unicode-display_width (1.6.1)

PLATFORMS
  ruby

DEPENDENCIES
  google-cloud-bigquery
  google-style (~> 1.24.0)
  minitest (~> 5.13)
  minitest-focus (~> 1.1)
  minitest-junit
  rake

BUNDLED WITH
   1.17.3
