GEM
  remote: https://rubygems.org/
  specs:
    addressable (2.4.0)
    ast (2.3.0)
    diff-lcs (1.2.5)
    digest-crc (0.4.1)
    faraday (0.9.2)
      multipart-post (>= 1.2, < 3)
    google-api-client (0.9.12)
      addressable (~> 2.3)
      googleauth (~> 0.5)
      httpclient (~> 2.7)
      hurley (~> 0.1)
      memoist (~> 0.11)
      mime-types (>= 1.6)
      representable (~> 2.3.0)
      retriable (~> 2.0)
      thor (~> 0.19)
    google-cloud (0.20.0)
      google-cloud-bigquery (~> 0.20.0)
      google-cloud-datastore (~> 0.20.0)
      google-cloud-dns (~> 0.20.0)
      google-cloud-language (~> 0.20.0)
      google-cloud-logging (~> 0.20.0)
      google-cloud-pubsub (~> 0.20.0)
      google-cloud-resource_manager (~> 0.20.0)
      google-cloud-storage (~> 0.20.0)
      google-cloud-translate (~> 0.20.0)
      google-cloud-vision (~> 0.20.0)
    google-cloud-bigquery (0.20.0)
      google-api-client (~> 0.9.11)
      google-cloud-core (~> 0.20.0)
    google-cloud-core (0.20.1)
    google-cloud-datastore (0.20.0)
      google-cloud-core (~> 0.20.0)
      google-protobuf (~> 3.0)
      googleapis-common-protos (~> 1.2)
      grpc (~> 1.0)
    google-cloud-dns (0.20.0)
      google-api-client (~> 0.9.11)
      google-cloud-core (~> 0.20.0)
      zonefile (~> 1.04)
    google-cloud-language (0.20.0)
      google-cloud-core (~> 0.20.0)
      google-gax (~> 0.4.4)
      google-protobuf (~> 3.0)
      googleapis-common-protos (~> 1.2)
      grpc (~> 1.0)
    google-cloud-logging (0.20.0)
      google-cloud-core (~> 0.20.0)
      google-gax (~> 0.4.4)
      google-protobuf (~> 3.0)
      googleapis-common-protos (~> 1.2)
      grpc (~> 1.0)
    google-cloud-pubsub (0.20.0)
      google-cloud-core (~> 0.20.0)
      google-protobuf (~> 3.0)
      googleapis-common-protos (~> 1.2)
      grpc (~> 1.0)
    google-cloud-resource_manager (0.20.0)
      google-api-client (~> 0.9.11)
      google-cloud-core (~> 0.20.0)
    google-cloud-storage (0.20.0)
      digest-crc (~> 0.4)
      google-api-client (~> 0.9.11)
      google-cloud-core (~> 0.20.0)
    google-cloud-translate (0.20.0)
      google-api-client (~> 0.9.11)
      google-cloud-core (~> 0.20.0)
    google-cloud-vision (0.20.0)
      google-api-client (~> 0.9.11)
      google-cloud-core (~> 0.20.0)
    google-gax (0.4.4)
      googleauth (~> 0.5.1)
      grpc (~> 1.0)
      rly (~> 0.2.3)
    google-protobuf (3.0.0)
    googleapis-common-protos (1.2.0)
      google-protobuf (~> 3.0.0)
    googleauth (0.5.1)
      faraday (~> 0.9)
      jwt (~> 1.4)
      logging (~> 2.0)
      memoist (~> 0.12)
      multi_json (~> 1.11)
      os (~> 0.9)
      signet (~> 0.7)
    grpc (1.0.0)
      google-protobuf (~> 3.0)
      googleauth (~> 0.5.1)
    httpclient (2.8.2.2)
    hurley (0.2)
    jwt (1.5.4)
    little-plugger (1.1.4)
    logging (2.1.0)
      little-plugger (~> 1.1)
      multi_json (~> 1.10)
    memoist (0.15.0)
    mime-types (3.1)
      mime-types-data (~> 3.2015)
    mime-types-data (3.2016.0521)
    multi_json (1.12.1)
    multipart-post (2.0.0)
    os (0.9.6)
    parser (2.3.1.2)
      ast (~> 2.2)
    powerpack (0.1.1)
    rainbow (2.1.0)
    rake (11.2.2)
    representable (2.3.0)
      uber (~> 0.0.7)
    retriable (2.1.0)
    rly (0.2.3)
    rspec (3.4.0)
      rspec-core (~> 3.4.0)
      rspec-expectations (~> 3.4.0)
      rspec-mocks (~> 3.4.0)
    rspec-core (3.4.3)
      rspec-support (~> 3.4.0)
    rspec-expectations (3.4.0)
      diff-lcs (>= 1.2.0, < 2.0)
      rspec-support (~> 3.4.0)
    rspec-mocks (3.4.1)
      diff-lcs (>= 1.2.0, < 2.0)
      rspec-support (~> 3.4.0)
    rspec-support (3.4.1)
    rubocop (0.42.0)
      parser (>= 2.3.1.1, < 3.0)
      powerpack (~> 0.1)
      rainbow (>= 1.99.1, < 3.0)
      ruby-progressbar (~> 1.7)
      unicode-display_width (~> 1.0, >= 1.0.1)
    ruby-progressbar (1.7.5)
    signet (0.7.3)
      addressable (~> 2.3)
      faraday (~> 0.9)
      jwt (~> 1.5)
      multi_json (~> 1.10)
    thor (0.19.1)
    uber (0.0.15)
    unicode-display_width (1.1.0)
    zonefile (1.04)

PLATFORMS
  ruby

DEPENDENCIES
  google-cloud (~> 0.20.0)
  rake
  rspec
  rubocop

BUNDLED WITH
   1.12.5
