GEM
  remote: https://rubygems.org/
  specs:
    diff-lcs (1.5.0)
    rspec (3.12.0)
      rspec-core (~> 3.12.0)
      rspec-expectations (~> 3.12.0)
      rspec-mocks (~> 3.12.0)
    rspec-core (3.12.2)
      rspec-support (~> 3.12.0)
    rspec-expectations (3.12.3)
      diff-lcs (>= 1.2.0, < 2.0)
      rspec-support (~> 3.12.0)
    rspec-mocks (3.12.6)
      diff-lcs (>= 1.2.0, < 2.0)
      rspec-support (~> 3.12.0)
    rspec-retry (0.6.2)
      rspec-core (> 3.3)
    rspec-support (3.12.1)
    rspec_junit_formatter (0.6.0)
      rspec-core (>= 2, < 4, != 2.12.0)

PLATFORMS
  ruby

DEPENDENCIES
  rspec
  rspec-retry
  rspec_junit_formatter

BUNDLED WITH
   2.4.19
