GEM
  remote: https://rubygems.org/
  specs:
    addressable (2.8.0)
      public_suffix (>= 2.0.2, < 5.0)
    builder (3.2.4)
    concurrent-ruby (1.1.9)
    declarative (0.0.20)
    digest-crc (0.6.3)
      rake (>= 12.0.0, < 14.0.0)
    faraday (1.5.1)
      faraday-em_http (~> 1.0)
      faraday-em_synchrony (~> 1.0)
      faraday-excon (~> 1.1)
      faraday-httpclient (~> 1.0.1)
      faraday-net_http (~> 1.0)
      faraday-net_http_persistent (~> 1.1)
      faraday-patron (~> 1.0)
      multipart-post (>= 1.2, < 3)
      ruby2_keywords (>= 0.0.4)
    faraday-em_http (1.0.0)
    faraday-em_synchrony (1.0.0)
    faraday-excon (1.1.0)
    faraday-httpclient (1.0.1)
    faraday-net_http (1.0.1)
    faraday-net_http_persistent (1.2.0)
    faraday-patron (1.0.0)
    gapic-common (0.5.0)
      faraday (~> 1.3)
      google-protobuf (~> 3.14)
      googleapis-common-protos (>= 1.3.11, < 2.a)
      googleapis-common-protos-types (>= 1.0.6, < 2.a)
      googleauth (>= 0.16.2, < 2.a)
      grpc (~> 1.36)
    google-apis-core (0.4.0)
      addressable (~> 2.5, >= 2.5.1)
      googleauth (>= 0.16.2, < 2.a)
      httpclient (>= 2.8.1, < 3.a)
      mini_mime (~> 1.0)
      representable (~> 3.0)
      retriable (>= 2.0, < 4.a)
      rexml
      webrick
    google-apis-iamcredentials_v1 (0.6.0)
      google-apis-core (>= 0.4, < 2.a)
    google-apis-storage_v1 (0.6.0)
      google-apis-core (>= 0.4, < 2.a)
    google-cloud-core (1.6.0)
      google-cloud-env (~> 1.0)
      google-cloud-errors (~> 1.0)
    google-cloud-env (1.5.0)
      faraday (>= 0.17.3, < 2.0)
    google-cloud-errors (1.1.0)
    google-cloud-logging (2.2.1)
      concurrent-ruby (~> 1.1)
      google-cloud-core (~> 1.5)
      google-cloud-logging-v2 (~> 0.0)
      stackdriver-core (~> 1.3)
    google-cloud-logging-v2 (0.5.3)
      gapic-common (>= 0.5, < 2.a)
      google-cloud-errors (~> 1.0)
    google-cloud-storage (1.34.1)
      addressable (~> 2.5)
      digest-crc (~> 0.4)
      google-apis-iamcredentials_v1 (~> 0.1)
      google-apis-storage_v1 (~> 0.1)
      google-cloud-core (~> 1.6)
      googleauth (>= 0.16.2, < 2.a)
      mini_mime (~> 1.0)
    google-protobuf (3.17.3-x86_64-linux)
    googleapis-common-protos (1.3.11)
      google-protobuf (~> 3.14)
      googleapis-common-protos-types (>= 1.0.6, < 2.0)
      grpc (~> 1.27)
    googleapis-common-protos-types (1.1.0)
      google-protobuf (~> 3.14)
    googleauth (0.16.2)
      faraday (>= 0.17.3, < 2.0)
      jwt (>= 1.4, < 3.0)
      memoist (~> 0.16)
      multi_json (~> 1.11)
      os (>= 0.9, < 2.0)
      signet (~> 0.14)
    grpc (1.38.0-x86_64-linux)
      google-protobuf (~> 3.15)
      googleapis-common-protos-types (~> 1.0)
    httpclient (2.8.3)
    jwt (2.2.3)
    memoist (0.16.2)
    mini_mime (1.1.0)
    minitest (5.14.4)
    minitest-focus (1.3.1)
      minitest (>= 4, < 6)
    minitest-junit (0.2.0)
      builder (~> 3.2)
      minitest (~> 5.0)
    multi_json (1.15.0)
    multipart-post (2.1.1)
    os (1.1.1)
    public_suffix (4.0.6)
    rake (13.0.6)
    representable (3.1.1)
      declarative (< 0.1.0)
      trailblazer-option (>= 0.1.1, < 0.2.0)
      uber (< 0.2.0)
    retriable (3.1.2)
    rexml (3.2.5)
    ruby2_keywords (0.0.4)
    signet (0.15.0)
      addressable (~> 2.3)
      faraday (>= 0.17.3, < 2.0)
      jwt (>= 1.5, < 3.0)
      multi_json (~> 1.10)
    stackdriver-core (1.5.0)
      google-cloud-core (~> 1.2)
    trailblazer-option (0.1.1)
    uber (0.1.0)
    webrick (1.7.0)

PLATFORMS
  x86_64-linux

DEPENDENCIES
  google-cloud-logging
  google-cloud-storage
  minitest (~> 5.13)
  minitest-focus (~> 1.1)
  minitest-junit
  rake

BUNDLED WITH
   2.2.11
