GEM
  remote: https://rubygems.org/
  specs:
    cloud_events (0.3.0)
    functions_framework (0.8.0)
      cloud_events (~> 0.1)
      puma (~> 4.3)
      rack (~> 2.1)
    nio4r (2.5.7)
    puma (4.3.7)
      nio4r (~> 2.0)
    rack (2.2.3)

PLATFORMS
  ruby

DEPENDENCIES
  functions_framework (~> 0.8)

BUNDLED WITH
   1.17.3
