GEM
  remote: https://rubygems.org/
  specs:
    addressable (2.8.5)
      public_suffix (>= 2.0.2, < 6.0)
    diff-lcs (1.5.0)
    faraday (2.7.10)
      faraday-net_http (>= 2.0, < 3.1)
      ruby2_keywords (>= 0.0.4)
    faraday-net_http (3.0.2)
    faraday-retry (2.2.0)
      faraday (~> 2.0)
    gapic-common (0.19.1)
      faraday (>= 1.9, < 3.a)
      faraday-retry (>= 1.0, < 3.a)
      google-protobuf (~> 3.14)
      googleapis-common-protos (>= 1.3.12, < 2.a)
      googleapis-common-protos-types (>= 1.3.1, < 2.a)
      googleauth (~> 1.0)
      grpc (~> 1.36)
    google-cloud-core (1.6.0)
      google-cloud-env (~> 1.0)
      google-cloud-errors (~> 1.0)
    google-cloud-env (1.6.0)
      faraday (>= 0.17.3, < 3.0)
    google-cloud-errors (1.3.1)
    google-cloud-location (0.5.1)
      gapic-common (>= 0.19.1, < 2.a)
      google-cloud-errors (~> 1.0)
    google-cloud-tasks (2.4.0)
      google-cloud-core (~> 1.6)
      google-cloud-tasks-v2 (>= 0.7, < 2.a)
      google-cloud-tasks-v2beta2 (>= 0.8, < 2.a)
      google-cloud-tasks-v2beta3 (>= 0.9, < 2.a)
    google-cloud-tasks-v2 (0.8.2)
      gapic-common (>= 0.19.1, < 2.a)
      google-cloud-errors (~> 1.0)
      google-cloud-location (>= 0.4, < 2.a)
      grpc-google-iam-v1 (~> 1.1)
    google-cloud-tasks-v2beta2 (0.9.2)
      gapic-common (>= 0.19.1, < 2.a)
      google-cloud-errors (~> 1.0)
      google-cloud-location (>= 0.4, < 2.a)
      grpc-google-iam-v1 (~> 1.1)
    google-cloud-tasks-v2beta3 (0.10.2)
      gapic-common (>= 0.19.1, < 2.a)
      google-cloud-errors (~> 1.0)
      google-cloud-location (>= 0.4, < 2.a)
      grpc-google-iam-v1 (~> 1.1)
    google-protobuf (3.24.2)
    googleapis-common-protos (1.4.0)
      google-protobuf (~> 3.14)
      googleapis-common-protos-types (~> 1.2)
      grpc (~> 1.27)
    googleapis-common-protos-types (1.8.0)
      google-protobuf (~> 3.18)
    googleauth (1.7.0)
      faraday (>= 0.17.3, < 3.a)
      jwt (>= 1.4, < 3.0)
      memoist (~> 0.16)
      multi_json (~> 1.11)
      os (>= 0.9, < 2.0)
      signet (>= 0.16, < 2.a)
    grpc (1.57.0)
      google-protobuf (~> 3.23)
      googleapis-common-protos-types (~> 1.0)
    grpc-google-iam-v1 (1.3.0)
      google-protobuf (~> 3.18)
      googleapis-common-protos (~> 1.4)
      grpc (~> 1.41)
    jwt (2.7.1)
    memoist (0.16.2)
    multi_json (1.15.0)
    mustermann (3.0.0)
      ruby2_keywords (~> 0.0.1)
    os (1.1.4)
    public_suffix (5.0.3)
    rack (2.2.8.1)
    rack-protection (3.1.0)
      rack (~> 2.2, >= 2.2.4)
    rack-test (2.1.0)
      rack (>= 1.3)
    rspec (3.12.0)
      rspec-core (~> 3.12.0)
      rspec-expectations (~> 3.12.0)
      rspec-mocks (~> 3.12.0)
    rspec-core (3.12.2)
      rspec-support (~> 3.12.0)
    rspec-expectations (3.12.3)
      diff-lcs (>= 1.2.0, < 2.0)
      rspec-support (~> 3.12.0)
    rspec-mocks (3.12.6)
      diff-lcs (>= 1.2.0, < 2.0)
      rspec-support (~> 3.12.0)
    rspec-support (3.12.1)
    rspec_junit_formatter (0.6.0)
      rspec-core (>= 2, < 4, != 2.12.0)
    ruby2_keywords (0.0.5)
    signet (0.17.0)
      addressable (~> 2.8)
      faraday (>= 0.17.5, < 3.a)
      jwt (>= 1.5, < 3.0)
      multi_json (~> 1.10)
    sinatra (3.1.0)
      mustermann (~> 3.0)
      rack (~> 2.2, >= 2.2.4)
      rack-protection (= 3.1.0)
      tilt (~> 2.0)
    tilt (2.2.0)

PLATFORMS
  ruby

DEPENDENCIES
  google-cloud-tasks (~> 2.4)
  rack-test
  rspec
  rspec_junit_formatter
  sinatra

BUNDLED WITH
   2.4.19
