GEM
  remote: https://rubygems.org/
  specs:
    addressable (2.7.0)
      public_suffix (>= 2.0.2, < 5.0)
    cloud_events (0.3.0)
    declarative (0.0.20)
    declarative-option (0.1.0)
    faraday (1.3.0)
      faraday-net_http (~> 1.0)
      multipart-post (>= 1.2, < 3)
      ruby2_keywords
    faraday-net_http (1.0.1)
    faraday_middleware (1.0.0)
      faraday (~> 1.0)
    functions_framework (0.8.0)
      cloud_events (~> 0.1)
      puma (~> 4.3)
      rack (~> 2.1)
    gli (2.20.0)
    google-apis-core (0.3.0)
      addressable (~> 2.5, >= 2.5.1)
      googleauth (~> 0.14)
      httpclient (>= 2.8.1, < 3.0)
      mini_mime (~> 1.0)
      representable (~> 3.0)
      retriable (>= 2.0, < 4.0)
      rexml
      signet (~> 0.14)
      webrick
    google-apis-kgsearch_v1 (0.2.0)
      google-apis-core (~> 0.1)
    googleauth (0.16.0)
      faraday (>= 0.17.3, < 2.0)
      jwt (>= 1.4, < 3.0)
      memoist (~> 0.16)
      multi_json (~> 1.11)
      os (>= 0.9, < 2.0)
      signet (~> 0.14)
    hashie (4.1.0)
    httpclient (2.8.3)
    jwt (2.2.2)
    memoist (0.16.2)
    mini_mime (1.0.2)
    multi_json (1.15.0)
    multipart-post (2.1.1)
    nio4r (2.5.7)
    os (1.1.1)
    public_suffix (4.0.6)
    puma (4.3.7)
      nio4r (~> 2.0)
    rack (2.2.3)
    representable (3.0.4)
      declarative (< 0.1.0)
      declarative-option (< 0.2.0)
      uber (< 0.2.0)
    retriable (3.1.2)
    rexml (3.2.4)
    ruby2_keywords (0.0.4)
    signet (0.15.0)
      addressable (~> 2.3)
      faraday (>= 0.17.3, < 2.0)
      jwt (>= 1.5, < 3.0)
      multi_json (~> 1.10)
    slack-ruby-client (0.17.0)
      faraday (>= 1.0)
      faraday_middleware
      gli
      hashie
      websocket-driver
    uber (0.1.0)
    webrick (1.7.0)
    websocket-driver (0.7.3)
      websocket-extensions (>= 0.1.0)
    websocket-extensions (0.1.5)

PLATFORMS
  ruby

DEPENDENCIES
  functions_framework (~> 0.8)
  google-apis-kgsearch_v1 (~> 0.2)
  slack-ruby-client (~> 0.15)

BUNDLED WITH
   1.17.3
