GEM
  remote: https://rubygems.org/
  specs:
    cloud_events (0.1.1)
    functions_framework (0.5.1)
      cloud_events (~> 0.1)
      puma (~> 4.3)
      rack (~> 2.1)
    nio4r (2.5.2)
    puma (4.3.5)
      nio4r (~> 2.0)
    rack (2.2.3)

PLATFORMS
  ruby

DEPENDENCIES
  functions_framework (~> 0.5)

BUNDLED WITH
   1.17.2
